GEM
  remote: http://rubygems.org/
  specs:
    chunky_png (1.3.10)
    coderay (1.1.2)
    faraday (0.15.0)
      multipart-post (>= 1.2, < 3)
    highline (1.7.10)
    method_source (0.9.0)
    multipart-post (2.0.0)
    pdf-core (0.7.0)
    prawn (2.2.2)
      pdf-core (~> 0.7.0)
      ttfunk (~> 1.5)
    pry (0.11.3)
      coderay (~> 1.1.0)
      method_source (~> 0.9.0)
    rqrcode (0.10.1)
      chunky_png (~> 1.0)
    stripe (3.14.0)
      faraday (~> 0.10)
    ttfunk (1.5.1)

PLATFORMS
  ruby

DEPENDENCIES
  highline
  prawn
  pry
  rqrcode
  stripe

BUNDLED WITH
   1.16.1
